GEM
  remote: https://rubygems.org/
  specs:
    ansi (1.5.0)
    builder (3.2.4)
    byebug (11.1.3)
    coderay (1.1.3)
    debug (1.9.2)
      irb (~> 1.10)
      reline (>= 0.3.8)
    io-console (0.7.2)
    irb (1.14.0)
      rdoc (>= 4.0.0)
      reline (>= 0.4.2)
    method_source (1.0.0)
    minitest (5.20.0)
    minitest-fail-fast (0.1.0)
      minitest (~> 5)
    minitest-hooks (1.5.1)
      minitest (> 5.3)
    minitest-reporters (1.6.1)
      ansi
      builder
      minitest (>= 5.0)
      ruby-progressbar
    minitest-retry (0.2.2)
      minitest (>= 5.0)
    mysql2 (0.5.5)
    pry (0.14.2)
      coderay (~> 1.1)
      method_source (~> 1.0)
    pry-byebug (3.10.1)
      byebug (~> 11.0)
      pry (>= 0.13, < 0.15)
    psych (5.1.2)
      stringio
    rdoc (6.7.0)
      psych (>= 4.0.0)
    reline (0.5.9)
      io-console (~> 0.5)
    ruby-progressbar (1.13.0)
    stringio (3.1.1)
    tqdm (0.4.1)
    webrick (1.8.1)

PLATFORMS
  ruby

DEPENDENCIES
  debug
  minitest
  minitest-fail-fast (~> 0.1.0)
  minitest-hooks
  minitest-reporters (~> 1.4)
  minitest-retry
  mysql2
  pry-byebug
  tqdm
  webrick

BUNDLED WITH
   2.2.22
