GEM
  remote: https://rubygems.org/
  specs:
    ansi (1.5.0)
    builder (3.2.4)
    byebug (11.1.3)
    coderay (1.1.3)
    method_source (1.0.0)
    minitest (5.14.4)
    minitest-fail-fast (0.1.0)
      minitest (~> 5)
    minitest-hooks (1.5.0)
      minitest (> 5.3)
    minitest-reporters (1.4.3)
      ansi
      builder
      minitest (>= 5.0)
      ruby-progressbar
    mysql2 (0.5.3)
    pry (0.13.1)
      coderay (~> 1.1)
      method_source (~> 1.0)
    pry-byebug (3.9.0)
      byebug (~> 11.0)
      pry (~> 0.13.0)
    ruby-progressbar (1.11.0)
    tqdm (0.3.0)

PLATFORMS
  ruby

DEPENDENCIES
  minitest
  minitest-fail-fast (~> 0.1.0)
  minitest-hooks
  minitest-reporters (~> 1.4)
  mysql2
  pry-byebug
  tqdm

BUNDLED WITH
   2.3.4
